GEM
  remote: https://rubygems.org/
  specs:
    ast (2.4.2)
    json (2.6.2)
    minitest (5.16.2)
    parallel (1.22.1)
    parser (3.1.2.0)
      ast (~> 2.4.1)
    rainbow (3.1.1)
    rake (13.0.6)
    rbs (2.6.0)
    regexp_parser (2.5.0)
    rexml (3.2.5)
    rubocop (1.32.0)
      json (~> 2.3)
      parallel (~> 1.10)
      parser (>= 3.1.0.0)
      rainbow (>= 2.2.2, < 4.0)
      regexp_parser (>= 1.8, < 3.0)
      rexml (>= 3.2.5, < 4.0)
      rubocop-ast (>= 1.19.1, < 2.0)
      ruby-progressbar (~> 1.7)
      unicode-display_width (>= 1.4.0, < 3.0)
    rubocop-ast (1.19.1)
      parser (>= 3.1.1.0)
    ruby-progressbar (1.11.0)
    unicode-display_width (2.2.0)

PLATFORMS
  ruby

DEPENDENCIES
  minitest (~> 5.16, >= 5.16.2)
  rake (~> 13.0, >= 13.0.6)
  rbs (~> 2.6)
  rubocop (~> 1.32)

RUBY VERSION
   ruby 2.7.6p219

BUNDLED WITH
   2.1.4
